{
    "Modality": "PT",
    "Manufacturer": "Siemens",
    "ManufacturersModelName": "Biograph64_mCT",
    "InstitutionName": "DHK RAD",
    "InstitutionalDepartmentName": "Department",
    "InstitutionAddress": "City ZIP Street StreetNo",
    "DeviceSerialNumber": "60035",
    "StationName": "DWCPTCT724",
    "PatientPosition": "HFS",
    "SoftwareVersions": "VG62B",
    "StudyDescription": "Specials^PET_CT_BRAIN_FBB (Adult)",
    "SeriesDescription": "PET Brain F-18 FBB DYNAMIC",
    "ProtocolName": "PET Brain F-18 FBB DYNAMIC",
    "ImageType": [
        "ORIGINAL",
        "PRIMARY"
    ],
    "SeriesNumber": 8.0,
    "AcquisitionTime": "14:35:21",
    "AcquisitionNumber": 2001.0,
    "ImageComments": " Frame 1 of 5^AC CT Brain FBB 3mm, Volume Scaled",
    "Radiopharmaceutical": "Florbetaben",
    "RadionuclidePositronFraction": 0.9673,
    "InjectedRadioactivity": 278980000.0,
    "InjectedRadioactivityUnits": "MBq",
    "RadionuclideHalfLife": 6586.2,
    "DoseCalibrationFactor": 30220100.0,
    "ConvolutionKernel": "XYZ Gauss2.00",
    "Units": "BQML",
    "DecayCorrection": "START",
    "AttenuationCorrectionMethod": "measured,AC CT Brain FBB 3mm",
    "ReconstructionMethod": "PSF+TOF 5i21s",
    "ReconMethodName": "Point-Spread Function modelling Time Of Flight",
    "ReconMethodParameterLabels": [
        "subsets",
        "iterations"
    ],
    "ReconMethodParameterValues": [
        21.0,
        5.0
    ],
    "ScatterFraction": [
        0.234257,
        0.234257,
        0.234257,
        0.234257,
        0.234257
    ],
    "DecayFactor": 1.00633,
    "FrameDuration": [
        120.0,
        120.0,
        120.0,
        120.0,
        120.0
    ],
    "FrameReferenceTime": [
        59.9369,
        179.937,
        299.937,
        419.937,
        539.937
    ],
    "TimeZero": "13:02:25",
    "SliceThickness": 3.0,
    "ImageOrientationPatientDICOM": [
        1.0,
        0.0,
        0.0,
        0.0,
        1.0,
        0.0
    ],
    "BidsGuess": [
        "PET",
        "PET"
    ],
    "ConversionSoftware": "dcm2niix",
    "ConversionSoftwareVersion": "v1.0.20241211",
    "TracerName": "Florbetaben",
    "TracerRadionuclide": "^18^Fluorine",
    "InjectedMass": "n/a",
    "InjectedMassUnits": "n/a",
    "ModeOfAdministration": "bolus",
    "SpecificRadioactivity": "n/a",
    "SpecificRadioactivityUnits": "n/a",
    "ScanStart": 5576.0,
    "InjectionStart": 0.0,
    "FrameTimesStart": [
        5576.0,
        5696.0,
        5816.0,
        5936.0,
        6056.0
    ],
    "AcquisitionMode": "list mode",
    "ImageDecayCorrected": true,
    "ImageDecayCorrectionTime": 5576.0,
    "ReconMethodParameterUnits": [
        "none",
        "none"
    ],
    "ReconFilterType": "XYZ Gauss2.00",
    "ReconFilterSize": 2.0,
    "AttenuationCorrection": "measured,AC CT Brain FBB 3mm"
}