{
    "Modality": "MR",
    "MagneticFieldStrength": 3,
    "ImagingFrequency": 123.260866,
    "Manufacturer": "Siemens",
    "ManufacturersModelName": "Prisma_fit",
    "InstitutionName": "72ND RAD",
    "InstitutionalDepartmentName": "Department",
    "InstitutionAddress": "E 72nd Street 516,NYC ,NYC,US,10021",
    "DeviceSerialNumber": "67080",
    "StationName": "MRTRIO3TX72",
    "BodyPart": "BRAIN",
    "PatientPosition": "HFS",
    "ProcedureStepDescription": "MR BRAIN WITHOUT IV CONTRAST",
    "SoftwareVersions": "syngo MR E11",
    "MRAcquisitionType": "2D",
    "StudyDescription": "BHII^PULSE SEQUENCES",
    "SeriesDescription": "DWI_Harm_98Dir_InvPE-On",
    "ProtocolName": "DWI_Harm_98Dir_InvPE-On",
    "ScanningSequence": "EP",
    "SequenceVariant": "SK\\SS",
    "ScanOptions": "PFP",
    "SequenceName": "ep_b5#1",
    "ImageType": [
        "ORIGINAL",
        "PRIMARY",
        "DIFFUSION",
        "NONE",
        "MB",
        "ND",
        "MOSAIC"
    ],
    "NonlinearGradientCorrection": false,
    "SeriesNumber": 21,
    "AcquisitionTime": "13:36:41.752500",
    "AcquisitionNumber": 1,
    "ImageComments": "Unaliased MB4/PE3/LB SENSE1",
    "SliceThickness": 1.5,
    "SpacingBetweenSlices": 1.5,
    "SAR": 0.140546,
    "TablePosition": [
        0,
        0,
        0
    ],
    "EchoTime": 0.0892,
    "RepetitionTime": 3.23,
    "FlipAngle": 78,
    "PartialFourier": 0.75,
    "BaseResolution": 140,
    "ShimSetting": [
        181,
        -10455,
        -5577,
        409,
        -57,
        -201,
        75,
        -10
    ],
    "DiffusionScheme": "Monopolar",
    "TxRefAmp": 241.169,
    "PhaseResolution": 1,
    "ReceiveCoilName": "HeadNeck_64",
    "ReceiveCoilActiveElements": "HC1-7",
    "PulseSequenceDetails": "%CustomerSeq%\\cmrr_mbep2d_diff",
    "WipMemBlock": "2f1de25f-e10b-420b-be67-d62149714f4c||Sequence: R016 ve11b/master r/d985c4e; Nov 27 2017 16:26:52 by eja",
    "CoilCombinationMethod": "Sum of Squares",
    "ConsistencyInfo": "N4_VE11B_LATEST_20150530",
    "MatrixCoilMode": "SENSE",
    "MultibandAccelerationFactor": 4,
    "PercentPhaseFOV": 100,
    "PercentSampling": 100,
    "EchoTrainLength": 105,
    "PhaseEncodingSteps": 105,
    "AcquisitionMatrixPE": 140,
    "ReconMatrixPE": 140,
    "BandwidthPerPixelPhaseEncode": 10.352,
    "EffectiveEchoSpacing": 0.000689998,
    "DerivedVendorReportedEchoSpacing": 0.000689998,
    "TotalReadoutTime": 0.0959097,
    "PixelBandwidth": 1700,
    "DwellTime": 2.1e-06,
    "PhaseEncodingDirection": "j",
    "SliceTiming": [
        0,
        1.675,
        0.14,
        1.815,
        0.28,
        1.955,
        0.42,
        2.095,
        0.56,
        2.235,
        0.7,
        2.3725,
        0.8375,
        2.5125,
        0.9775,
        2.6525,
        1.1175,
        2.7925,
        1.2575,
        2.9325,
        1.3975,
        3.0725,
        1.5375,
        0,
        1.675,
        0.14,
        1.815,
        0.28,
        1.955,
        0.42,
        2.095,
        0.56,
        2.235,
        0.7,
        2.3725,
        0.8375,
        2.5125,
        0.9775,
        2.6525,
        1.1175,
        2.7925,
        1.2575,
        2.9325,
        1.3975,
        3.0725,
        1.5375,
        0,
        1.675,
        0.14,
        1.815,
        0.28,
        1.955,
        0.42,
        2.095,
        0.56,
        2.235,
        0.7,
        2.3725,
        0.8375,
        2.5125,
        0.9775,
        2.6525,
        1.1175,
        2.7925,
        1.2575,
        2.9325,
        1.3975,
        3.0725,
        1.5375,
        0,
        1.675,
        0.14,
        1.815,
        0.28,
        1.955,
        0.42,
        2.095,
        0.56,
        2.235,
        0.7,
        2.3725,
        0.8375,
        2.5125,
        0.9775,
        2.6525,
        1.1175,
        2.7925,
        1.2575,
        2.9325,
        1.3975,
        3.0725,
        1.5375
    ],
    "ImageOrientationPatientDICOM": [
        0.999184,
        -0.0270869,
        0.0299761,
        0.0280842,
        0.999049,
        -0.033366
    ],
    "ImageOrientationText": "Tra>Cor(-2.0)>Sag(1.7)",
    "InPlanePhaseEncodingDirectionDICOM": "COL",
    "BidsGuess": [
        "dwi",
        "_acq-epb5m4_dir-PA_run-21_dwi"
    ],
    "ConversionSoftware": "dcm2niix",
    "ConversionSoftwareVersion": "v1.0.20241211"
}