{
    "Modality": "MR",
    "MagneticFieldStrength": 3,
    "ImagingFrequency": 123.252554,
    "Manufacturer": "Siemens",
    "ManufacturersModelName": "Prisma_fit",
    "InstitutionName": "72ND RAD",
    "InstitutionalDepartmentName": "Department",
    "InstitutionAddress": "E 72nd Street 516,NYC ,NYC,US,10021",
    "DeviceSerialNumber": "67080",
    "StationName": "MRTRIO3TX72",
    "BodyPart": "BRAIN",
    "PatientPosition": "HFS",
    "ProcedureStepDescription": "MR BRAIN WITHOUT IV CONTRAST",
    "SoftwareVersions": "syngo MR E11",
    "MRAcquisitionType": "2D",
    "StudyDescription": "BHII^PULSE SEQUENCES",
    "SeriesDescription": "tfMRI_Harm_PapFol_InvPE-Off",
    "ProtocolName": "tfMRI_Harm_PapFol_InvPE-Off",
    "ScanningSequence": "EP",
    "SequenceVariant": "SK\\SS",
    "ScanOptions": "FS\\EXT",
    "SequenceName": "epfid2d1_104",
    "ImageType": [
        "ORIGINAL",
        "PRIMARY",
        "M",
        "MB",
        "ND",
        "MOSAIC",
        "MAGNITUDE"
    ],
    "NonlinearGradientCorrection": false,
    "SeriesNumber": 7,
    "AcquisitionTime": "18:14:35.735000",
    "AcquisitionNumber": 1,
    "ImageComments": "Unaliased MB6/PE3/LB",
    "SliceThickness": 2,
    "SpacingBetweenSlices": 2,
    "SAR": 0.0574617,
    "TablePosition": [
        0,
        0,
        0
    ],
    "EchoTime": 0.037,
    "RepetitionTime": 1.008,
    "FlipAngle": 52,
    "PartialFourier": 1,
    "BaseResolution": 104,
    "ShimSetting": [
        184,
        -10367,
        -5517,
        471,
        -36,
        57,
        61,
        -6
    ],
    "TxRefAmp": 236.65,
    "PhaseResolution": 1,
    "ReceiveCoilName": "HeadNeck_64",
    "ReceiveCoilActiveElements": "HC1-7;NC1,2",
    "PulseSequenceDetails": "%CustomerSeq%\\cmrr_mbep2d_bold",
    "WipMemBlock": "939eb9e6-6b5d-4dc7-b4c4-1992d29387de||Sequence: R016 ve11b/master r/d985c4e; Nov 27 2017 16:19:23 by eja",
    "CoilCombinationMethod": "Sum of Squares",
    "ConsistencyInfo": "N4_VE11B_LATEST_20150530",
    "MatrixCoilMode": "SENSE",
    "MultibandAccelerationFactor": 6,
    "PercentPhaseFOV": 100,
    "PercentSampling": 100,
    "EchoTrainLength": 104,
    "PhaseEncodingSteps": 104,
    "AcquisitionMatrixPE": 104,
    "ReconMatrixPE": 104,
    "BandwidthPerPixelPhaseEncode": 17.17,
    "EffectiveEchoSpacing": 0.000560011,
    "DerivedVendorReportedEchoSpacing": 0.000560011,
    "TotalReadoutTime": 0.0576811,
    "PixelBandwidth": 2290,
    "DwellTime": 2.1e-06,
    "PhaseEncodingDirection": "j-",
    "SliceTiming": [
        0,
        0.4125,
        0.825,
        0.2475,
        0.66,
        0.0825,
        0.495,
        0.9075,
        0.33,
        0.7425,
        0.165,
        0.5775,
        0,
        0.4125,
        0.825,
        0.2475,
        0.66,
        0.0825,
        0.495,
        0.9075,
        0.33,
        0.7425,
        0.165,
        0.5775,
        0,
        0.4125,
        0.825,
        0.2475,
        0.66,
        0.0825,
        0.495,
        0.9075,
        0.33,
        0.7425,
        0.165,
        0.5775,
        0,
        0.4125,
        0.825,
        0.2475,
        0.66,
        0.0825,
        0.495,
        0.9075,
        0.33,
        0.7425,
        0.165,
        0.5775,
        0,
        0.4125,
        0.825,
        0.2475,
        0.66,
        0.0825,
        0.495,
        0.9075,
        0.33,
        0.7425,
        0.165,
        0.5775,
        0,
        0.4125,
        0.825,
        0.2475,
        0.66,
        0.0825,
        0.495,
        0.9075,
        0.33,
        0.7425,
        0.165,
        0.5775
    ],
    "ImageOrientationPatientDICOM": [
        0.998597,
        0.0419444,
        0.0323083,
        -0.0437743,
        0.997346,
        0.0581833
    ],
    "ImageOrientationText": "Tra>Cor(3.4)>Sag(1.7)",
    "InPlanePhaseEncodingDirectionDICOM": "COL",
    "BidsGuess": [
        "func",
        "_acq-epfid2m6_dir-AP_run-7_bold"
    ],
    "ConversionSoftware": "dcm2niix",
    "ConversionSoftwareVersion": "v1.0.20241211",
    "TaskName": "tfMRI_Harm_PapFol_InvPE-Off"
}