{
	"Modality": "MR",
	"MagneticFieldStrength": 3,
	"ImagingFrequency": 123.260969,
	"Manufacturer": "Siemens",
	"ManufacturersModelName": "Prisma_fit",
	"InstitutionName": "72ND RAD",
	"InstitutionalDepartmentName": "Department",
	"InstitutionAddress": "E 72nd Street 516,NYC ,NYC,US,10021",
	"DeviceSerialNumber": "67080",
	"StationName": "MRTRIO3TX72",
	"BodyPart": "BRAIN",
	"PatientPosition": "HFS",
	"ProcedureStepDescription": "MR BRAIN WITHOUT IV CONTRAST",
	"SoftwareVersions": "syngo MR E11",
	"MRAcquisitionType": "3D",
	"StudyDescription": "BHII^PULSE SEQUENCES",
	"SeriesDescription": "QSM",
	"ProtocolName": "QSM_Harm_Interpolated",
	"ScanningSequence": "GR",
	"SequenceVariant": "SP",
	"ScanOptions": "PFP",
	"SequenceName": "*fl3d10r",
	"ImageType": ["ORIGINAL", "PRIMARY", "P", "DIS3D", "DIS2D", "PHASE"],
	"NonlinearGradientCorrection": true,
	"SeriesNumber": 2502,
	"AcquisitionTime": "14:25:52.760000",
	"AcquisitionNumber": 1,
	"SliceThickness": 1,
	"SAR": 0.00654938,
	"TablePosition": [
		0,
		0,
		-0	],
	"EchoNumber": 10,
	"EchoTime": 0.04228,
	"RepetitionTime": 0.05,
	"FlipAngle": 15,
	"CoilString": "HC1-7;NC1,2",
	"PercentPhaseFOV": 81.25,
	"PercentSampling": 100,
	"EchoTrainLength": 10,
	"PhaseEncodingSteps": 155,
	"AcquisitionMatrixPE": 208,
	"ReconMatrixPE": 416,
	"ParallelReductionFactorInPlane": 2,
	"PixelBandwidth": 260,
	"DwellTime": 7.5e-06,
	"ImageOrientationPatientDICOM": [
		0.995991,
		5.07146e-05,
		0.0894523,
		0.0192979,
		0.97633,
		-0.215423	],
	"ImageOrientationText": "Tra>Cor(-12.5)>Sag(5.0)",
	"InPlanePhaseEncodingDirectionDICOM": "ROW",
	"ConversionSoftware": "dcm2niix",
	"ConversionSoftwareVersion": "v1.0.20241211"
}
