{
    "Modality": "MR",
    "MagneticFieldStrength": 3,
    "ImagingFrequency": 123.260757,
    "Manufacturer": "Siemens",
    "ManufacturersModelName": "Prisma_fit",
    "InstitutionName": "72ND RAD",
    "InstitutionalDepartmentName": "Department",
    "InstitutionAddress": "E 72nd Street 516,NYC ,NYC,US,10021",
    "DeviceSerialNumber": "67080",
    "StationName": "MRTRIO3TX72",
    "BodyPart": "BRAIN",
    "PatientPosition": "HFS",
    "ProcedureStepDescription": "MR BRAIN WITHOUT IV CONTRAST",
    "SoftwareVersions": "syngo MR E11",
    "MRAcquisitionType": "3D",
    "StudyDescription": "BHII^PULSE SEQUENCES",
    "SeriesDescription": "FLAIR_Harm_Interpolated_Inplane",
    "ProtocolName": "FLAIR_Harm_Interpolated_Inplane",
    "ScanningSequence": "SE\\IR",
    "SequenceVariant": "SK\\SP\\MP\\OSP",
    "ScanOptions": "IR\\PFP\\FS",
    "SequenceName": "*spcir_278ns",
    "ImageType": [
        "ORIGINAL",
        "PRIMARY",
        "M",
        "NORM",
        "DIS2D",
        "MAGNITUDE"
    ],
    "NonlinearGradientCorrection": true,
    "SeriesNumber": 22,
    "AcquisitionTime": "13:44:48.182500",
    "AcquisitionNumber": 1,
    "SliceThickness": 1,
    "SAR": 0.0763513,
    "TablePosition": [
        0,
        0,
        0
    ],
    "EchoTime": 0.384,
    "RepetitionTime": 7.6,
    "SpoilingState": true,
    "InversionTime": 2.4,
    "FlipAngle": 120,
    "VariableFlipAngleFlag": true,
    "PartialFourier": 1,
    "Interpolation2D": 1,
    "BaseResolution": 256,
    "ShimSetting": [
        164,
        -10538,
        -5631,
        275,
        -125,
        -472,
        166,
        -16
    ],
    "TxRefAmp": 274.445,
    "PhaseResolution": 0.9,
    "ReceiveCoilName": "HeadNeck_64",
    "ReceiveCoilActiveElements": "HC1-7;NC1,2",
    "PulseSequenceDetails": "%SiemensSeq%\\tse_vfl",
    "RefLinesPE": 24,
    "CoilCombinationMethod": "Adaptive Combine",
    "ConsistencyInfo": "N4_VE11B_LATEST_20150530",
    "MatrixCoilMode": "GRAPPA",
    "PercentPhaseFOV": 100,
    "PercentSampling": 90,
    "EchoTrainLength": 250,
    "PhaseEncodingSteps": 205,
    "AcquisitionMatrixPE": 230,
    "ReconMatrixPE": 512,
    "ParallelReductionFactorInPlane": 2,
    "PixelBandwidth": 750,
    "DwellTime": 2.6e-06,
    "ImageOrientationPatientDICOM": [
        -0.0316137,
        0.999495,
        -0.0031406,
        -0.0247312,
        -0.00392344,
        -0.999686
    ],
    "ImageOrientationText": "Sag>Cor(-1.8)>Tra(1.4)",
    "InPlanePhaseEncodingDirectionDICOM": "ROW",
    "BidsGuess": [
        "anat",
        "_acq-spcir2p2_run-22_FLAIR"
    ],
    "ConversionSoftware": "dcm2niix",
    "ConversionSoftwareVersion": "v1.0.20241211",
    "Defaced": true
}