{
    "Modality": "MR",
    "MagneticFieldStrength": 3,
    "ImagingFrequency": 123.260865,
    "Manufacturer": "Siemens",
    "ManufacturersModelName": "Prisma_fit",
    "InstitutionName": "CBIC",
    "InstitutionalDepartmentName": "Department",
    "InstitutionAddress": "E 72nd Street 516,NYC ,NYC,US,10021",
    "DeviceSerialNumber": "67080",
    "StationName": "MRTRIO3TX72",
    "BodyPart": "BRAIN",
    "PatientPosition": "HFS",
    "ProcedureStepDescription": "MR BRAIN WITHOUT IV CONTRAST",
    "SoftwareVersions": "syngo MR E11",
    "MRAcquisitionType": "2D",
    "StudyDescription": "CORNELL^SHAH",
    "SeriesDescription": "tfMRI_Harm_LetCom_InvPE-Off",
    "ProtocolName": "tfMRI_Harm_LetCom_InvPE-Off",
    "ScanningSequence": "EP",
    "SequenceVariant": "SK\\SS",
    "ScanOptions": "FS\\EXT",
    "SequenceName": "epfid2d1_104",
    "ImageType": [
        "ORIGINAL",
        "PRIMARY",
        "M",
        "MB",
        "ND",
        "MOSAIC",
        "MAGNITUDE"
    ],
    "NonlinearGradientCorrection": false,
    "SeriesNumber": 39,
    "AcquisitionTime": "14:19:29.312500",
    "AcquisitionNumber": 1,
    "ImageComments": "Unaliased MB6/PE3/LB",
    "SliceThickness": 2,
    "SpacingBetweenSlices": 2,
    "SAR": 0.0478595,
    "TablePosition": [
        0,
        0,
        0
    ],
    "EchoTime": 0.037,
    "RepetitionTime": 1.008,
    "FlipAngle": 52,
    "PartialFourier": 1,
    "BaseResolution": 104,
    "ShimSetting": [
        158,
        -10427,
        -5564,
        495,
        -156,
        -163,
        -44,
        -52
    ],
    "TxRefAmp": 234.722,
    "PhaseResolution": 1,
    "ReceiveCoilName": "HeadNeck_64",
    "ReceiveCoilActiveElements": "HC1-7;NC1",
    "PulseSequenceDetails": "%CustomerSeq%\\cmrr_mbep2d_bold",
    "WipMemBlock": "c04dcbb8-a893-4030-9d2f-332a936f87b5||Sequence: R016 ve11b/master r/d985c4e; Nov 27 2017 16:19:23 by eja",
    "CoilCombinationMethod": "Sum of Squares",
    "ConsistencyInfo": "N4_VE11B_LATEST_20150530",
    "MatrixCoilMode": "SENSE",
    "MultibandAccelerationFactor": 6,
    "PercentPhaseFOV": 100,
    "PercentSampling": 100,
    "EchoTrainLength": 104,
    "PhaseEncodingSteps": 104,
    "AcquisitionMatrixPE": 104,
    "ReconMatrixPE": 104,
    "BandwidthPerPixelPhaseEncode": 17.17,
    "EffectiveEchoSpacing": 0.000560011,
    "DerivedVendorReportedEchoSpacing": 0.000560011,
    "TotalReadoutTime": 0.0576811,
    "PixelBandwidth": 2290,
    "DwellTime": 2.1e-06,
    "PhaseEncodingDirection": "j-",
    "SliceTiming": [
        0,
        0.41,
        0.8225,
        0.2475,
        0.6575,
        0.0825,
        0.4925,
        0.905,
        0.33,
        0.74,
        0.165,
        0.575,
        0,
        0.41,
        0.8225,
        0.2475,
        0.6575,
        0.0825,
        0.4925,
        0.905,
        0.33,
        0.74,
        0.165,
        0.575,
        0,
        0.41,
        0.8225,
        0.2475,
        0.6575,
        0.0825,
        0.4925,
        0.905,
        0.33,
        0.74,
        0.165,
        0.575,
        0,
        0.41,
        0.8225,
        0.2475,
        0.6575,
        0.0825,
        0.4925,
        0.905,
        0.33,
        0.74,
        0.165,
        0.575,
        0,
        0.41,
        0.8225,
        0.2475,
        0.6575,
        0.0825,
        0.4925,
        0.905,
        0.33,
        0.74,
        0.165,
        0.575,
        0,
        0.41,
        0.8225,
        0.2475,
        0.6575,
        0.0825,
        0.4925,
        0.905,
        0.33,
        0.74,
        0.165,
        0.575
    ],
    "ImageOrientationPatientDICOM": [
        0.998069,
        0.0599886,
        -0.0161353,
        -0.0620936,
        0.971068,
        -0.230587
    ],
    "ImageOrientationText": "Tra>Cor(-13.4)>Sag(-0.1)",
    "InPlanePhaseEncodingDirectionDICOM": "COL",
    "BidsGuess": [
        "func",
        "_acq-epfid2m6_dir-AP_run-39_bold"
    ],
    "ConversionSoftware": "dcm2niix",
    "ConversionSoftwareVersion": "v1.0.20241211",
    "TaskName": "tfMRI_Harm_LetCom_InvPE-Off"
}