{
    "Modality": "MR",
    "MagneticFieldStrength": 3,
    "ImagingFrequency": 123.260807,
    "Manufacturer": "Siemens",
    "ManufacturersModelName": "Prisma_fit",
    "InstitutionName": "72ND RAD",
    "InstitutionalDepartmentName": "Department",
    "InstitutionAddress": "E 72nd Street 516,NYC ,NYC,US,10021",
    "DeviceSerialNumber": "67080",
    "StationName": "MRTRIO3TX72",
    "BodyPart": "BRAIN",
    "PatientPosition": "HFS",
    "ProcedureStepDescription": "MR BRAIN WITHOUT IV CONTRAST",
    "SoftwareVersions": "syngo MR E11",
    "MRAcquisitionType": "3D",
    "StudyDescription": "BHII^PULSE SEQUENCES",
    "SeriesDescription": "MPRAGE_Harm_Interpolated",
    "ProtocolName": "MPRAGE_Harm_Interpolated",
    "ScanningSequence": "GR\\IR",
    "SequenceVariant": "SK\\SP\\MP",
    "ScanOptions": "IR",
    "SequenceName": "*tfl3d1_16ns",
    "ImageType": [
        "ORIGINAL",
        "PRIMARY",
        "M",
        "NORM",
        "DIS2D",
        "MAGNITUDE"
    ],
    "NonlinearGradientCorrection": true,
    "SeriesNumber": 17,
    "AcquisitionTime": "14:25:48.342500",
    "AcquisitionNumber": 1,
    "SliceThickness": 0.5,
    "SAR": 0.0471696,
    "TablePosition": [
        0,
        0,
        0
    ],
    "EchoTime": 0.00296,
    "RepetitionTime": 2.4,
    "SpoilingState": true,
    "InversionTime": 0.9,
    "FlipAngle": 9,
    "PartialFourier": 1,
    "Interpolation2D": 1,
    "BaseResolution": 256,
    "ShimSetting": [
        170,
        -10481,
        -5608,
        212,
        -67,
        -367,
        202,
        -4
    ],
    "TxRefAmp": 252.979,
    "PhaseResolution": 1,
    "ReceiveCoilName": "HeadNeck_64",
    "ReceiveCoilActiveElements": "HC1-7;NC1",
    "PulseSequenceDetails": "%SiemensSeq%\\tfl",
    "RefLinesPE": 32,
    "CoilCombinationMethod": "Adaptive Combine",
    "ConsistencyInfo": "N4_VE11B_LATEST_20150530",
    "MatrixCoilMode": "GRAPPA",
    "PercentPhaseFOV": 100,
    "PercentSampling": 100,
    "PhaseEncodingSteps": 255,
    "AcquisitionMatrixPE": 256,
    "ReconMatrixPE": 512,
    "ParallelReductionFactorInPlane": 2,
    "PixelBandwidth": 240,
    "DwellTime": 8.1e-06,
    "ImageOrientationPatientDICOM": [
        -0.0107571,
        0.999428,
        0.0320572,
        -0.056884,
        0.0313955,
        -0.997887
    ],
    "ImageOrientationText": "Sag>Tra(3.2)>Cor(-0.7)",
    "InPlanePhaseEncodingDirectionDICOM": "ROW",
    "BidsGuess": [
        "anat",
        "_acq-tfl3p2_run-17_T1w"
    ],
    "ConversionSoftware": "dcm2niix",
    "ConversionSoftwareVersion": "v1.0.20241211",
    "Defaced": true
}