{
    "Modality": "MR",
    "MagneticFieldStrength": 3,
    "ImagingFrequency": 123.260675,
    "Manufacturer": "Siemens",
    "ManufacturersModelName": "Prisma_fit",
    "InstitutionName": "72ND RAD",
    "InstitutionalDepartmentName": "Department",
    "InstitutionAddress": "E 72nd Street 516,NYC ,NYC,US,10021",
    "DeviceSerialNumber": "67080",
    "StationName": "MRTRIO3TX72",
    "BodyPart": "BRAIN",
    "PatientPosition": "HFS",
    "ProcedureStepDescription": "MR BRAIN WITHOUT IV CONTRAST",
    "SoftwareVersions": "syngo MR E11",
    "MRAcquisitionType": "2D",
    "StudyDescription": "BHII^PULSE SEQUENCES",
    "SeriesDescription": "DWI_Harm_98Dir_InvPE-Off",
    "ProtocolName": "DWI_Harm_98Dir_InvPE-Off",
    "ScanningSequence": "EP",
    "SequenceVariant": "SK\\SS",
    "ScanOptions": "PFP",
    "SequenceName": "ep_b5#1",
    "ImageType": [
        "ORIGINAL",
        "PRIMARY",
        "DIFFUSION",
        "NONE",
        "MB",
        "ND",
        "MOSAIC"
    ],
    "NonlinearGradientCorrection": false,
    "SeriesNumber": 16,
    "AcquisitionTime": "14:24:48.495000",
    "AcquisitionNumber": 1,
    "ImageComments": "Unaliased MB4/PE3/LB SENSE1",
    "SliceThickness": 1.5,
    "SpacingBetweenSlices": 1.5,
    "SAR": 0.149425,
    "TablePosition": [
        0,
        0,
        0
    ],
    "EchoTime": 0.0892,
    "RepetitionTime": 3.23,
    "FlipAngle": 78,
    "PartialFourier": 0.75,
    "BaseResolution": 140,
    "ShimSetting": [
        209,
        -10469,
        -5574,
        512,
        -189,
        -7,
        97,
        -63
    ],
    "DiffusionScheme": "Monopolar",
    "TxRefAmp": 216.118,
    "PhaseResolution": 1,
    "ReceiveCoilName": "HeadNeck_64",
    "ReceiveCoilActiveElements": "HC1-7;NC1,2",
    "PulseSequenceDetails": "%CustomerSeq%\\cmrr_mbep2d_diff",
    "WipMemBlock": "9e17a3c7-3d54-47d8-ab64-41a0ddf907ea||Sequence: R016 ve11b/master r/d985c4e; Nov 27 2017 16:26:52 by eja",
    "CoilCombinationMethod": "Sum of Squares",
    "ConsistencyInfo": "N4_VE11B_LATEST_20150530",
    "MatrixCoilMode": "SENSE",
    "MultibandAccelerationFactor": 4,
    "PercentPhaseFOV": 100,
    "PercentSampling": 100,
    "EchoTrainLength": 105,
    "PhaseEncodingSteps": 105,
    "AcquisitionMatrixPE": 140,
    "ReconMatrixPE": 140,
    "BandwidthPerPixelPhaseEncode": 10.352,
    "EffectiveEchoSpacing": 0.000689998,
    "DerivedVendorReportedEchoSpacing": 0.000689998,
    "TotalReadoutTime": 0.0959097,
    "PixelBandwidth": 1700,
    "DwellTime": 2.1e-06,
    "PhaseEncodingDirection": "j-",
    "SliceTiming": [
        0,
        1.675,
        0.14,
        1.815,
        0.28,
        1.955,
        0.4175,
        2.0925,
        0.5575,
        2.2325,
        0.6975,
        2.3725,
        0.8375,
        2.5125,
        0.9775,
        2.6525,
        1.1175,
        2.79,
        1.255,
        2.93,
        1.395,
        3.07,
        1.535,
        0,
        1.675,
        0.14,
        1.815,
        0.28,
        1.955,
        0.4175,
        2.0925,
        0.5575,
        2.2325,
        0.6975,
        2.3725,
        0.8375,
        2.5125,
        0.9775,
        2.6525,
        1.1175,
        2.79,
        1.255,
        2.93,
        1.395,
        3.07,
        1.535,
        0,
        1.675,
        0.14,
        1.815,
        0.28,
        1.955,
        0.4175,
        2.0925,
        0.5575,
        2.2325,
        0.6975,
        2.3725,
        0.8375,
        2.5125,
        0.9775,
        2.6525,
        1.1175,
        2.79,
        1.255,
        2.93,
        1.395,
        3.07,
        1.535,
        0,
        1.675,
        0.14,
        1.815,
        0.28,
        1.955,
        0.4175,
        2.0925,
        0.5575,
        2.2325,
        0.6975,
        2.3725,
        0.8375,
        2.5125,
        0.9775,
        2.6525,
        1.1175,
        2.79,
        1.255,
        2.93,
        1.395,
        3.07,
        1.535
    ],
    "ImageOrientationPatientDICOM": [
        0.988138,
        0.133489,
        0.075925,
        -0.14433,
        0.976151,
        0.162167
    ],
    "ImageOrientationText": "Tra>Cor(9.9)>Sag(3.0)",
    "InPlanePhaseEncodingDirectionDICOM": "COL",
    "BidsGuess": [
        "dwi",
        "_acq-epb5m4_dir-AP_run-16_dwi"
    ],
    "ConversionSoftware": "dcm2niix",
    "ConversionSoftwareVersion": "v1.0.20241211"
}