{
    "Modality": "MR",
    "MagneticFieldStrength": 3,
    "ImagingFrequency": 123.260684,
    "Manufacturer": "Siemens",
    "ManufacturersModelName": "Prisma_fit",
    "InstitutionName": "72ND RAD",
    "InstitutionalDepartmentName": "Department",
    "InstitutionAddress": "E 72nd Street 516,NYC ,NYC,US,10021",
    "DeviceSerialNumber": "67080",
    "StationName": "MRTRIO3TX72",
    "BodyPart": "BRAIN",
    "PatientPosition": "HFS",
    "ProcedureStepDescription": "MR BRAIN WITHOUT IV CONTRAST",
    "SoftwareVersions": "syngo MR E11",
    "MRAcquisitionType": "2D",
    "StudyDescription": "BHII^PULSE SEQUENCES",
    "SeriesDescription": "rfMRI_Harm_InvPE-On",
    "ProtocolName": "rfMRI_Harm_InvPE-On",
    "ScanningSequence": "EP",
    "SequenceVariant": "SK\\SS",
    "ScanOptions": "FS\\EXT",
    "SequenceName": "epfid2d1_104",
    "ImageType": [
        "ORIGINAL",
        "PRIMARY",
        "M",
        "MB",
        "ND",
        "MOSAIC",
        "MAGNITUDE"
    ],
    "NonlinearGradientCorrection": false,
    "SeriesNumber": 36,
    "AcquisitionTime": "15:43:6.407500",
    "AcquisitionNumber": 1,
    "ImageComments": "Unaliased MB6/PE3/LB",
    "SliceThickness": 2,
    "SpacingBetweenSlices": 2,
    "SAR": 0.0468764,
    "TablePosition": [
        0,
        0,
        0
    ],
    "EchoTime": 0.037,
    "RepetitionTime": 1.008,
    "FlipAngle": 52,
    "PartialFourier": 1,
    "BaseResolution": 104,
    "ShimSetting": [
        181,
        -10461,
        -5628,
        538,
        -26,
        -217,
        -44,
        -56
    ],
    "TxRefAmp": 232.432,
    "PhaseResolution": 1,
    "ReceiveCoilName": "HeadNeck_64",
    "ReceiveCoilActiveElements": "HC1-7",
    "PulseSequenceDetails": "%CustomerSeq%\\cmrr_mbep2d_bold",
    "WipMemBlock": "afba4198-d5e8-4fee-883b-e3b519c54132||Sequence: R016 ve11b/master r/d985c4e; Nov 27 2017 16:19:23 by eja",
    "CoilCombinationMethod": "Sum of Squares",
    "ConsistencyInfo": "N4_VE11B_LATEST_20150530",
    "MatrixCoilMode": "SENSE",
    "MultibandAccelerationFactor": 6,
    "PercentPhaseFOV": 100,
    "PercentSampling": 100,
    "EchoTrainLength": 104,
    "PhaseEncodingSteps": 104,
    "AcquisitionMatrixPE": 104,
    "ReconMatrixPE": 104,
    "BandwidthPerPixelPhaseEncode": 17.17,
    "EffectiveEchoSpacing": 0.000560011,
    "DerivedVendorReportedEchoSpacing": 0.000560011,
    "TotalReadoutTime": 0.0576811,
    "PixelBandwidth": 2290,
    "DwellTime": 2.1e-06,
    "PhaseEncodingDirection": "j",
    "SliceTiming": [
        0,
        0.41,
        0.8225,
        0.245,
        0.6575,
        0.0825,
        0.4925,
        0.905,
        0.3275,
        0.74,
        0.1625,
        0.575,
        0,
        0.41,
        0.8225,
        0.245,
        0.6575,
        0.0825,
        0.4925,
        0.905,
        0.3275,
        0.74,
        0.1625,
        0.575,
        0,
        0.41,
        0.8225,
        0.245,
        0.6575,
        0.0825,
        0.4925,
        0.905,
        0.3275,
        0.74,
        0.1625,
        0.575,
        0,
        0.41,
        0.8225,
        0.245,
        0.6575,
        0.0825,
        0.4925,
        0.905,
        0.3275,
        0.74,
        0.1625,
        0.575,
        0,
        0.41,
        0.8225,
        0.245,
        0.6575,
        0.0825,
        0.4925,
        0.905,
        0.3275,
        0.74,
        0.1625,
        0.575,
        0,
        0.41,
        0.8225,
        0.245,
        0.6575,
        0.0825,
        0.4925,
        0.905,
        0.3275,
        0.74,
        0.1625,
        0.575
    ],
    "ImageOrientationPatientDICOM": [
        0.99657,
        -0.0796079,
        0.0225801,
        0.0814077,
        0.992137,
        -0.095062
    ],
    "ImageOrientationText": "Tra>Cor(-5.5)>Sag(0.9)",
    "InPlanePhaseEncodingDirectionDICOM": "COL",
    "BidsGuess": [
        "func",
        "_acq-epfid2m6_dir-PA_run-36_bold"
    ],
    "ConversionSoftware": "dcm2niix",
    "ConversionSoftwareVersion": "v1.0.20241211",
    "TaskName": "rfMRI_Harm_InvPE-On"
}