{
    "Modality": "PT",
    "Manufacturer": "Siemens",
    "ManufacturersModelName": "Biograph64_mCT",
    "InstitutionName": "DHK RAD",
    "InstitutionalDepartmentName": "Department",
    "InstitutionAddress": "City ZIP Street StreetNo",
    "DeviceSerialNumber": "60035",
    "StationName": "DWCPTCT724",
    "PatientPosition": "HFS",
    "SoftwareVersions": "VG62B",
    "StudyDescription": "Specials^Br_18F_Florbetaben_DeLeon (Adult)",
    "SeriesDescription": "PET FBB RECON 2",
    "ProtocolName": "PET FBB RECON 2",
    "ImageType": [
        "ORIGINAL",
        "PRIMARY"
    ],
    "SeriesNumber": 7.0,
    "AcquisitionTime": "14:37:17",
    "AcquisitionNumber": 2001.0,
    "ImageComments": "AC CT FBB 3mm 300 FoV, Volume Scaled",
    "Radiopharmaceutical": "Florbetaben",
    "RadionuclidePositronFraction": 0.9673,
    "InjectedRadioactivity": 299329980.0,
    "InjectedRadioactivityUnits": "MBq",
    "RadionuclideHalfLife": 6586.2,
    "DoseCalibrationFactor": 30148200.0,
    "ConvolutionKernel": "XYZ Gauss2.00",
    "Units": "BQML",
    "DecayCorrection": "START",
    "AttenuationCorrectionMethod": "measured,AC CT FBB 3mm 300 FoV",
    "ReconstructionMethod": "OSEM3D+TOF 4i21s",
    "ReconMethodName": "Ordered Subset Expectation Maximization Time Of Flight",
    "ReconMethodParameterLabels": [
        "subsets",
        "iterations"
    ],
    "ReconMethodParameterValues": [
        21.0,
        4.0
    ],
    "ScatterFraction": [0.227122],
    "DecayFactor": 1.06447,
    "FrameTimesStart": [5837.0],
    "FrameDuration": [1200.0],
    "TimeZero": "13:00:00",
    "SliceThickness": 3.0,
    "ImageOrientationPatientDICOM": [
        1.0,
        0.0,
        0.0,
        0.0,
        1.0,
        0.0
    ],
    "BidsGuess": [
        "PET",
        "PET"
    ],
    "ConversionSoftware": "dcm2niix",
    "ConversionSoftwareVersion": "v1.0.20241211",
    "TracerName": "Florbetaben",
    "TracerRadionuclide": "^18^Fluorine",
    "InjectedMass": "n/a",
    "InjectedMassUnits": "n/a",
    "ModeOfAdministration": "bolus",
    "SpecificRadioactivity": "n/a",
    "SpecificRadioactivityUnits": "n/a",
    "ScanStart": 5837.0,
    "InjectionStart": 0.0,
    "AcquisitionMode": "list mode",
    "ImageDecayCorrected": true,
    "ImageDecayCorrectionTime": 5837.0,
    "ReconMethodParameterUnits": [
        "none",
        "none"
    ],
    "ReconFilterType": "XYZ Gauss2.00",
    "ReconFilterSize": 2.0,
    "AttenuationCorrection": "measured,AC CT FBB 3mm 300 FoV"
}
