{
    "Modality": "MR",
    "MagneticFieldStrength": 3,
    "ImagingFrequency": 123.261091,
    "Manufacturer": "Siemens",
    "ManufacturersModelName": "Prisma_fit",
    "InstitutionName": "72ND RAD",
    "InstitutionalDepartmentName": "Department",
    "InstitutionAddress": "E 72nd Street 516,NYC ,NYC,US,10021",
    "DeviceSerialNumber": "67080",
    "StationName": "MRTRIO3TX72",
    "BodyPart": "BRAIN",
    "PatientPosition": "HFS",
    "ProcedureStepDescription": "MR BRAIN WITHOUT IV CONTRAST",
    "SoftwareVersions": "syngo MR E11",
    "MRAcquisitionType": "3D",
    "StudyDescription": "BHII^PULSE SEQUENCES",
    "SeriesDescription": "PCASL_Harm_Rest",
    "ProtocolName": "PCASL_Harm_Rest",
    "ScanningSequence": "EP",
    "SequenceVariant": "SK",
    "ScanOptions": "FS",
    "SequenceName": "tgse3d1_3192",
    "ImageType": [
        "ORIGINAL",
        "PRIMARY",
        "ASL",
        "NONE",
        "ND",
        "NORM",
        "MOSAIC"
    ],
    "NonlinearGradientCorrection": false,
    "SeriesNumber": 21,
    "AcquisitionTime": "12:36:45.197500",
    "AcquisitionNumber": 1,
    "SliceThickness": 3,
    "SpacingBetweenSlices": 3,
    "SAR": 0.0947537,
    "TablePosition": [
        0,
        0,
        0
    ],
    "EchoTime": 0.03354,
    "RepetitionTime": 4,
    "FlipAngle": 120,
    "LabelingDuration": 1.5088,
    "RFGap": 0.00036,
    "MeanGzx10": 6,
    "T1": 1,
    "NumRFBlocks": 82,
    "ArterialSpinLabelingType": "PCASL",
    "AcquisitionVoxelSize": [
        2.5,
        2.5,
        3
    ],
    "PartialFourier": 1,
    "BaseResolution": 96,
    "ShimSetting": [
        104,
        -10169,
        -5944,
        106,
        -480,
        724,
        -652,
        -7
    ],
    "TxRefAmp": 221.169,
    "PhaseResolution": 0.59375,
    "ReceiveCoilName": "HeadNeck_64",
    "ReceiveCoilActiveElements": "HC1-7",
    "PulseSequenceDetails": "%CustomerSeq%\\tgse_pcasl_ve11b_FSopt",
    "CoilCombinationMethod": "Sum of Squares",
    "ConsistencyInfo": "N4_VE11B_LATEST_20150530",
    "MatrixCoilMode": "SENSE",
    "RepetitionTimePreparation": 4000,
    "PercentPhaseFOV": 100,
    "PercentSampling": 59.375,
    "EchoTrainLength": 57,
    "PhaseEncodingSteps": 57,
    "AcquisitionMatrixPE": 57,
    "ReconMatrixPE": 96,
    "PixelBandwidth": 2605,
    "DwellTime": 2e-06,
    "ImageOrientationPatientDICOM": [
        1,
        0,
        0,
        0,
        1,
        0
    ],
    "ImageOrientationText": "Tra",
    "InPlanePhaseEncodingDirectionDICOM": "COL",
    "BidsGuess": [
        "perf",
        "_acq-tgse3_run-21_asl"
    ],
    "ConversionSoftware": "dcm2niix",
    "ConversionSoftwareVersion": "v1.0.20241211",
    "PostLabelingDelay": 1.8,
    "BackgroundSuppression": true,
    "M0Type": "Included",
    "TotalAcquiredPairs": 10
}