{
    "Modality": "MR",
    "MagneticFieldStrength": 3,
    "ImagingFrequency": 123.260974,
    "Manufacturer": "Siemens",
    "ManufacturersModelName": "Prisma_fit",
    "InstitutionName": "72ND RAD",
    "InstitutionalDepartmentName": "Department",
    "InstitutionAddress": "E 72nd Street 516,NYC ,NYC,US,10021",
    "DeviceSerialNumber": "67080",
    "StationName": "MRTRIO3TX72",
    "BodyPart": "BRAIN",
    "PatientPosition": "HFS",
    "ProcedureStepDescription": "MR BRAIN WITHOUT IV CONTRAST",
    "SoftwareVersions": "syngo MR E11",
    "MRAcquisitionType": "2D",
    "StudyDescription": "BHII^PULSE SEQUENCES",
    "SeriesDescription": "tfMRI_Harm_WorMem_InvPE-Off",
    "ProtocolName": "tfMRI_Harm_WorMem_InvPE-Off",
    "ScanningSequence": "EP",
    "SequenceVariant": "SK\\SS",
    "ScanOptions": "FS\\EXT",
    "SequenceName": "epfid2d1_104",
    "ImageType": [
        "ORIGINAL",
        "PRIMARY",
        "M",
        "MB",
        "ND",
        "MOSAIC",
        "MAGNITUDE"
    ],
    "NonlinearGradientCorrection": false,
    "SeriesNumber": 14,
    "AcquisitionTime": "13:38:33.797500",
    "AcquisitionNumber": 1,
    "ImageComments": "Unaliased MB6/PE3/LB",
    "SliceThickness": 2,
    "SpacingBetweenSlices": 2,
    "SAR": 0.053041,
    "TablePosition": [
        0,
        0,
        0
    ],
    "EchoTime": 0.037,
    "RepetitionTime": 1.008,
    "FlipAngle": 52,
    "PartialFourier": 1,
    "BaseResolution": 104,
    "ShimSetting": [
        163,
        -10447,
        -5639,
        796,
        -82,
        -211,
        -252,
        25
    ],
    "TxRefAmp": 230.091,
    "PhaseResolution": 1,
    "ReceiveCoilName": "HeadNeck_64",
    "ReceiveCoilActiveElements": "HC1-7;NC1,2",
    "PulseSequenceDetails": "%CustomerSeq%\\cmrr_mbep2d_bold",
    "WipMemBlock": "fb48babe-bc00-4e1f-8cee-7779e4beb737||Sequence: R016 ve11b/master r/d985c4e; Nov 27 2017 16:19:23 by eja",
    "CoilCombinationMethod": "Sum of Squares",
    "ConsistencyInfo": "N4_VE11B_LATEST_20150530",
    "MatrixCoilMode": "SENSE",
    "MultibandAccelerationFactor": 6,
    "PercentPhaseFOV": 100,
    "PercentSampling": 100,
    "EchoTrainLength": 104,
    "PhaseEncodingSteps": 104,
    "AcquisitionMatrixPE": 104,
    "ReconMatrixPE": 104,
    "BandwidthPerPixelPhaseEncode": 17.17,
    "EffectiveEchoSpacing": 0.000560011,
    "DerivedVendorReportedEchoSpacing": 0.000560011,
    "TotalReadoutTime": 0.0576811,
    "PixelBandwidth": 2290,
    "DwellTime": 2.1e-06,
    "PhaseEncodingDirection": "j-",
    "SliceTiming": [
        0,
        0.4125,
        0.825,
        0.2475,
        0.66,
        0.0825,
        0.495,
        0.9075,
        0.33,
        0.7425,
        0.165,
        0.5775,
        0,
        0.4125,
        0.825,
        0.2475,
        0.66,
        0.0825,
        0.495,
        0.9075,
        0.33,
        0.7425,
        0.165,
        0.5775,
        0,
        0.4125,
        0.825,
        0.2475,
        0.66,
        0.0825,
        0.495,
        0.9075,
        0.33,
        0.7425,
        0.165,
        0.5775,
        0,
        0.4125,
        0.825,
        0.2475,
        0.66,
        0.0825,
        0.495,
        0.9075,
        0.33,
        0.7425,
        0.165,
        0.5775,
        0,
        0.4125,
        0.825,
        0.2475,
        0.66,
        0.0825,
        0.495,
        0.9075,
        0.33,
        0.7425,
        0.165,
        0.5775,
        0,
        0.4125,
        0.825,
        0.2475,
        0.66,
        0.0825,
        0.495,
        0.9075,
        0.33,
        0.7425,
        0.165,
        0.5775
    ],
    "ImageOrientationPatientDICOM": [
        0.999871,
        -0.0152635,
        0.00491434,
        0.0146599,
        0.994308,
        0.10553
    ],
    "ImageOrientationText": "Tra>Cor(6.1)>Sag(0.4)",
    "InPlanePhaseEncodingDirectionDICOM": "COL",
    "BidsGuess": [
        "func",
        "_acq-epfid2m6_dir-AP_run-14_bold"
    ],
    "ConversionSoftware": "dcm2niix",
    "ConversionSoftwareVersion": "v1.0.20241211",
    "TaskName": "tfMRI_Harm_WorMem_InvPE-Off"
}