{
    "Modality": "MR",
    "MagneticFieldStrength": 3,
    "ImagingFrequency": 123.261008,
    "Manufacturer": "Siemens",
    "ManufacturersModelName": "Prisma_fit",
    "InstitutionName": "72ND RAD",
    "InstitutionalDepartmentName": "Department",
    "InstitutionAddress": "E 72nd Street 516,NYC ,NYC,US,10021",
    "DeviceSerialNumber": "67080",
    "StationName": "MRTRIO3TX72",
    "BodyPart": "BRAIN",
    "PatientPosition": "HFS",
    "ProcedureStepDescription": "MR BRAIN WITHOUT IV CONTRAST",
    "SoftwareVersions": "syngo MR E11",
    "MRAcquisitionType": "2D",
    "StudyDescription": "BHII^PULSE SEQUENCES",
    "SeriesDescription": "tfMRI_Harm_PatCom_InvPE-On",
    "ProtocolName": "tfMRI_Harm_PatCom_InvPE-On",
    "ScanningSequence": "EP",
    "SequenceVariant": "SK\\SS",
    "ScanOptions": "FS\\EXT",
    "SequenceName": "epfid2d1_104",
    "ImageType": [
        "ORIGINAL",
        "PRIMARY",
        "M",
        "MB",
        "ND",
        "MOSAIC",
        "MAGNITUDE"
    ],
    "NonlinearGradientCorrection": false,
    "SeriesNumber": 33,
    "AcquisitionTime": "13:27:37.807500",
    "AcquisitionNumber": 1,
    "ImageComments": "Unaliased MB6/PE3/LB",
    "SliceThickness": 2,
    "SpacingBetweenSlices": 2,
    "SAR": 0.0492945,
    "TablePosition": [
        0,
        0,
        0
    ],
    "EchoTime": 0.037,
    "RepetitionTime": 1.008,
    "FlipAngle": 52,
    "PartialFourier": 1,
    "BaseResolution": 104,
    "ShimSetting": [
        185,
        -10464,
        -5603,
        611,
        -107,
        -111,
        -280,
        -8
    ],
    "TxRefAmp": 223.003,
    "PhaseResolution": 1,
    "ReceiveCoilName": "HeadNeck_64",
    "ReceiveCoilActiveElements": "HC1-7;NC1",
    "PulseSequenceDetails": "%CustomerSeq%\\cmrr_mbep2d_bold",
    "WipMemBlock": "9ec79e88-c47e-4448-b0b3-7bbe7aa7a89a||Sequence: R016 ve11b/master r/d985c4e; Nov 27 2017 16:19:23 by eja",
    "CoilCombinationMethod": "Sum of Squares",
    "ConsistencyInfo": "N4_VE11B_LATEST_20150530",
    "MatrixCoilMode": "SENSE",
    "MultibandAccelerationFactor": 6,
    "PercentPhaseFOV": 100,
    "PercentSampling": 100,
    "EchoTrainLength": 104,
    "PhaseEncodingSteps": 104,
    "AcquisitionMatrixPE": 104,
    "ReconMatrixPE": 104,
    "BandwidthPerPixelPhaseEncode": 17.17,
    "EffectiveEchoSpacing": 0.000560011,
    "DerivedVendorReportedEchoSpacing": 0.000560011,
    "TotalReadoutTime": 0.0576811,
    "PixelBandwidth": 2290,
    "DwellTime": 2.1e-06,
    "PhaseEncodingDirection": "j",
    "SliceTiming": [
        0,
        0.4125,
        0.8225,
        0.2475,
        0.6575,
        0.0825,
        0.4925,
        0.905,
        0.33,
        0.74,
        0.165,
        0.575,
        0,
        0.4125,
        0.8225,
        0.2475,
        0.6575,
        0.0825,
        0.4925,
        0.905,
        0.33,
        0.74,
        0.165,
        0.575,
        0,
        0.4125,
        0.8225,
        0.2475,
        0.6575,
        0.0825,
        0.4925,
        0.905,
        0.33,
        0.74,
        0.165,
        0.575,
        0,
        0.4125,
        0.8225,
        0.2475,
        0.6575,
        0.0825,
        0.4925,
        0.905,
        0.33,
        0.74,
        0.165,
        0.575,
        0,
        0.4125,
        0.8225,
        0.2475,
        0.6575,
        0.0825,
        0.4925,
        0.905,
        0.33,
        0.74,
        0.165,
        0.575,
        0,
        0.4125,
        0.8225,
        0.2475,
        0.6575,
        0.0825,
        0.4925,
        0.905,
        0.33,
        0.74,
        0.165,
        0.575
    ],
    "ImageOrientationPatientDICOM": [
        0.999098,
        0.0164501,
        0.0391448,
        -0.0198814,
        0.995838,
        0.0889469
    ],
    "ImageOrientationText": "Tra>Cor(5.1)>Sag(2.2)",
    "InPlanePhaseEncodingDirectionDICOM": "COL",
    "BidsGuess": [
        "func",
        "_acq-epfid2m6_dir-PA_run-33_bold"
    ],
    "ConversionSoftware": "dcm2niix",
    "ConversionSoftwareVersion": "v1.0.20241211",
    "TaskName": "tfMRI_Harm_PatCom_InvPE-On"
}