{
    "Modality": "PT",
    "Manufacturer": "Siemens",
    "ManufacturersModelName": "Biograph64_mCT 4R",
    "InstitutionName": "Weill cornell Imaging AT NYP",
    "InstitutionalDepartmentName": "Department",
    "InstitutionAddress": "City ZIP Street StreetNo",
    "DeviceSerialNumber": "60035",
    "StationName": "DWCPTCT724",
    "PatientPosition": "HFS",
    "SoftwareVersions": "VG80B",
    "StudyDescription": "Specials^Br_18F_Florbetaben_Razlighi (Adult)",
    "SeriesDescription": "PET 20min Sum",
    "ProtocolName": "Br_18F_Florbetaben_Razlighi (Adult)",
    "ImageType": [
        "ORIGINAL",
        "PRIMARY"
    ],
    "SeriesNumber": 5.0,
    "AcquisitionTime": "14:08:11",
    "AcquisitionNumber": 2001.0,
    "ImageComments": "AC CT BRAIN, Volume Scaled",
    "Radiopharmaceutical": "Florbetaben",
    "RadionuclidePositronFraction": 0.9673,
    "InjectedRadioactivity": 335590020.0,
    "InjectedRadioactivityUnits": "MBq",
    "RadionuclideHalfLife": 6586.2,
    "DoseCalibrationFactor": 33133100.0,
    "ConvolutionKernel": "XYZ Gauss2.00",
    "Units": "BQML",
    "DecayCorrection": "START",
    "AttenuationCorrectionMethod": "measured,AC CT BRAIN",
    "ReconstructionMethod": "PSF+TOF 4i21s",
    "ReconMethodName": "Point-Spread Function modelling Time Of Flight",
    "ReconMethodParameterLabels": [
        "subsets",
        "iterations"
    ],
    "ReconMethodParameterValues": [
        21.0,
        4.0
    ],
    "ScatterFraction": [0.25093],
    "DecayFactor": 1.06447,
    "FrameTimesStart": [5411.0],
    "FrameDuration": [1200.0],
    "TimeZero": "12:38:00",
    "SliceThickness": 3.0,
    "ImageOrientationPatientDICOM": [
        1.0,
        0.0,
        0.0,
        0.0,
        1.0,
        0.0
    ],
    "BidsGuess": [
        "PET",
        "PET"
    ],
    "ConversionSoftware": "dcm2niix",
    "ConversionSoftwareVersion": "v1.0.20241211",
    "TracerName": "Florbetaben",
    "TracerRadionuclide": "^18^Fluorine",
    "InjectedMass": "n/a",
    "InjectedMassUnits": "n/a",
    "ModeOfAdministration": "bolus",
    "SpecificRadioactivity": "n/a",
    "SpecificRadioactivityUnits": "n/a",
    "ScanStart": 5411.0,
    "InjectionStart": 0.0,
    "AcquisitionMode": "list mode",
    "ImageDecayCorrected": true,
    "ImageDecayCorrectionTime": 5411.0,
    "ReconMethodParameterUnits": [
        "none",
        "none"
    ],
    "ReconFilterType": "XYZ Gauss2.00",
    "ReconFilterSize": 2.0,
    "AttenuationCorrection": "measured,AC CT BRAIN"
}
