{
    "Modality": "MR",
    "MagneticFieldStrength": 3,
    "ImagingFrequency": 123.260902,
    "Manufacturer": "Siemens",
    "ManufacturersModelName": "Prisma_fit",
    "InstitutionName": "72ND RAD",
    "InstitutionalDepartmentName": "Department",
    "InstitutionAddress": "E 72nd Street 516,NYC ,NYC,US,10021",
    "DeviceSerialNumber": "67080",
    "StationName": "MRTRIO3TX72",
    "BodyPart": "BRAIN",
    "PatientPosition": "HFS",
    "ProcedureStepDescription": "MR BRAIN WITHOUT IV CONTRAST",
    "SoftwareVersions": "syngo MR E11",
    "MRAcquisitionType": "2D",
    "StudyDescription": "BHII^PULSE SEQUENCES",
    "SeriesDescription": "tfMRI_Harm_MatRes_InvPE-Off",
    "ProtocolName": "tfMRI_Harm_MatRes_InvPE-Off",
    "ScanningSequence": "EP",
    "SequenceVariant": "SK\\SS",
    "ScanOptions": "FS\\EXT",
    "SequenceName": "epfid2d1_104",
    "ImageType": [
        "ORIGINAL",
        "PRIMARY",
        "M",
        "MB",
        "ND",
        "MOSAIC",
        "MAGNITUDE"
    ],
    "NonlinearGradientCorrection": false,
    "SeriesNumber": 8,
    "AcquisitionTime": "13:17:39.227500",
    "AcquisitionNumber": 1,
    "ImageComments": "Unaliased MB6/PE3/LB",
    "SliceThickness": 2,
    "SpacingBetweenSlices": 2,
    "SAR": 0.0505437,
    "TablePosition": [
        0,
        0,
        0
    ],
    "EchoTime": 0.037,
    "RepetitionTime": 1.008,
    "FlipAngle": 52,
    "PartialFourier": 1,
    "BaseResolution": 104,
    "ShimSetting": [
        169,
        -10440,
        -5627,
        397,
        -152,
        -331,
        -29,
        15
    ],
    "TxRefAmp": 253.057,
    "PhaseResolution": 1,
    "ReceiveCoilName": "HeadNeck_64",
    "ReceiveCoilActiveElements": "HC1-7;NC1,2",
    "PulseSequenceDetails": "%CustomerSeq%\\cmrr_mbep2d_bold",
    "WipMemBlock": "5f37cb60-3ae1-4bf3-b037-36c78d64ad17||Sequence: R016 ve11b/master r/d985c4e; Nov 27 2017 16:19:23 by eja",
    "CoilCombinationMethod": "Sum of Squares",
    "ConsistencyInfo": "N4_VE11B_LATEST_20150530",
    "MatrixCoilMode": "SENSE",
    "MultibandAccelerationFactor": 6,
    "PercentPhaseFOV": 100,
    "PercentSampling": 100,
    "EchoTrainLength": 104,
    "PhaseEncodingSteps": 104,
    "AcquisitionMatrixPE": 104,
    "ReconMatrixPE": 104,
    "BandwidthPerPixelPhaseEncode": 17.17,
    "EffectiveEchoSpacing": 0.000560011,
    "DerivedVendorReportedEchoSpacing": 0.000560011,
    "TotalReadoutTime": 0.0576811,
    "PixelBandwidth": 2290,
    "DwellTime": 2.1e-06,
    "PhaseEncodingDirection": "j-",
    "SliceTiming": [
        0,
        0.4125,
        0.8225,
        0.2475,
        0.6575,
        0.0825,
        0.495,
        0.905,
        0.33,
        0.74,
        0.165,
        0.5775,
        0,
        0.4125,
        0.8225,
        0.2475,
        0.6575,
        0.0825,
        0.495,
        0.905,
        0.33,
        0.74,
        0.165,
        0.5775,
        0,
        0.4125,
        0.8225,
        0.2475,
        0.6575,
        0.0825,
        0.495,
        0.905,
        0.33,
        0.74,
        0.165,
        0.5775,
        0,
        0.4125,
        0.8225,
        0.2475,
        0.6575,
        0.0825,
        0.495,
        0.905,
        0.33,
        0.74,
        0.165,
        0.5775,
        0,
        0.4125,
        0.8225,
        0.2475,
        0.6575,
        0.0825,
        0.495,
        0.905,
        0.33,
        0.74,
        0.165,
        0.5775,
        0,
        0.4125,
        0.8225,
        0.2475,
        0.6575,
        0.0825,
        0.495,
        0.905,
        0.33,
        0.74,
        0.165,
        0.5775
    ],
    "ImageOrientationPatientDICOM": [
        0.996114,
        0.00096189,
        0.0880693,
        0.0137353,
        0.986009,
        -0.166124
    ],
    "ImageOrientationText": "Tra>Cor(-9.6)>Sag(5.0)",
    "InPlanePhaseEncodingDirectionDICOM": "COL",
    "BidsGuess": [
        "func",
        "_acq-epfid2m6_dir-AP_run-8_bold"
    ],
    "ConversionSoftware": "dcm2niix",
    "ConversionSoftwareVersion": "v1.0.20241211",
    "TaskName": "tfMRI_Harm_MatRes_InvPE-Off"
}