{
    "Modality": "MR",
    "MagneticFieldStrength": 3,
    "ImagingFrequency": 123.260908,
    "Manufacturer": "Siemens",
    "ManufacturersModelName": "Prisma_fit",
    "InstitutionName": "72ND RAD",
    "InstitutionalDepartmentName": "Department",
    "InstitutionAddress": "E 72nd Street 516,NYC ,NYC,US,10021",
    "DeviceSerialNumber": "67080",
    "StationName": "MRTRIO3TX72",
    "BodyPart": "BRAIN",
    "PatientPosition": "HFS",
    "ProcedureStepDescription": "MR BRAIN WITHOUT IV CONTRAST",
    "SoftwareVersions": "syngo MR E11",
    "MRAcquisitionType": "2D",
    "StudyDescription": "BHII^PULSE SEQUENCES",
    "SeriesDescription": "tfMRI_Harm_ParAso_InvPE-On",
    "ProtocolName": "tfMRI_Harm_ParAso_InvPE-On",
    "ScanningSequence": "EP",
    "SequenceVariant": "SK\\SS",
    "ScanOptions": "FS\\EXT",
    "SequenceName": "epfid2d1_104",
    "ImageType": [
        "ORIGINAL",
        "PRIMARY",
        "M",
        "MB",
        "ND",
        "MOSAIC",
        "MAGNITUDE"
    ],
    "NonlinearGradientCorrection": false,
    "SeriesNumber": 13,
    "AcquisitionTime": "13:29:49.402500",
    "AcquisitionNumber": 1,
    "ImageComments": "Unaliased MB6/PE3/LB",
    "SliceThickness": 2,
    "SpacingBetweenSlices": 2,
    "SAR": 0.0505437,
    "TablePosition": [
        0,
        0,
        0
    ],
    "EchoTime": 0.037,
    "RepetitionTime": 1.008,
    "FlipAngle": 52,
    "PartialFourier": 1,
    "BaseResolution": 104,
    "ShimSetting": [
        169,
        -10441,
        -5627,
        390,
        -150,
        -334,
        -35,
        13
    ],
    "TxRefAmp": 253.057,
    "PhaseResolution": 1,
    "ReceiveCoilName": "HeadNeck_64",
    "ReceiveCoilActiveElements": "HC1-7;NC1",
    "PulseSequenceDetails": "%CustomerSeq%\\cmrr_mbep2d_bold",
    "WipMemBlock": "3f3f8e89-ed31-48bd-8576-c70af73c7f3a||Sequence: R016 ve11b/master r/d985c4e; Nov 27 2017 16:19:23 by eja",
    "CoilCombinationMethod": "Sum of Squares",
    "ConsistencyInfo": "N4_VE11B_LATEST_20150530",
    "MatrixCoilMode": "SENSE",
    "MultibandAccelerationFactor": 6,
    "PercentPhaseFOV": 100,
    "PercentSampling": 100,
    "EchoTrainLength": 104,
    "PhaseEncodingSteps": 104,
    "AcquisitionMatrixPE": 104,
    "ReconMatrixPE": 104,
    "BandwidthPerPixelPhaseEncode": 17.17,
    "EffectiveEchoSpacing": 0.000560011,
    "DerivedVendorReportedEchoSpacing": 0.000560011,
    "TotalReadoutTime": 0.0576811,
    "PixelBandwidth": 2290,
    "DwellTime": 2.1e-06,
    "PhaseEncodingDirection": "j",
    "SliceTiming": [
        0,
        0.4125,
        0.825,
        0.2475,
        0.66,
        0.0825,
        0.495,
        0.9075,
        0.33,
        0.7425,
        0.165,
        0.5775,
        0,
        0.4125,
        0.825,
        0.2475,
        0.66,
        0.0825,
        0.495,
        0.9075,
        0.33,
        0.7425,
        0.165,
        0.5775,
        0,
        0.4125,
        0.825,
        0.2475,
        0.66,
        0.0825,
        0.495,
        0.9075,
        0.33,
        0.7425,
        0.165,
        0.5775,
        0,
        0.4125,
        0.825,
        0.2475,
        0.66,
        0.0825,
        0.495,
        0.9075,
        0.33,
        0.7425,
        0.165,
        0.5775,
        0,
        0.4125,
        0.825,
        0.2475,
        0.66,
        0.0825,
        0.495,
        0.9075,
        0.33,
        0.7425,
        0.165,
        0.5775,
        0,
        0.4125,
        0.825,
        0.2475,
        0.66,
        0.0825,
        0.495,
        0.9075,
        0.33,
        0.7425,
        0.165,
        0.5775
    ],
    "ImageOrientationPatientDICOM": [
        0.996114,
        0.00096189,
        0.0880693,
        0.0137353,
        0.986009,
        -0.166124
    ],
    "ImageOrientationText": "Tra>Cor(-9.6)>Sag(5.0)",
    "InPlanePhaseEncodingDirectionDICOM": "COL",
    "BidsGuess": [
        "func",
        "_acq-epfid2m6_dir-PA_run-13_bold"
    ],
    "ConversionSoftware": "dcm2niix",
    "ConversionSoftwareVersion": "v1.0.20241211",
    "TaskName": "tfMRI_Harm_ParAso_InvPE-On"
}