{
    "Modality": "MR",
    "MagneticFieldStrength": 3,
    "ImagingFrequency": 123.261018,
    "Manufacturer": "Siemens",
    "ManufacturersModelName": "Prisma_fit",
    "InstitutionName": "72ND RAD",
    "InstitutionalDepartmentName": "Department",
    "InstitutionAddress": "E 72nd Street 516,NYC ,NYC,US,10021",
    "DeviceSerialNumber": "67080",
    "StationName": "MRTRIO3TX72",
    "BodyPart": "BRAIN",
    "PatientPosition": "HFS",
    "ProcedureStepDescription": "MR BRAIN WITHOUT IV CONTRAST",
    "SoftwareVersions": "syngo MR E11",
    "MRAcquisitionType": "2D",
    "StudyDescription": "BHII^PULSE SEQUENCES",
    "SeriesDescription": "tfMRI_Harm_PapFol_InvPE-On",
    "ProtocolName": "tfMRI_Harm_PapFol_InvPE-On",
    "ScanningSequence": "EP",
    "SequenceVariant": "SK\\SS",
    "ScanOptions": "FS\\EXT",
    "SequenceName": "epfid2d1_104",
    "ImageType": [
        "ORIGINAL",
        "PRIMARY",
        "M",
        "MB",
        "ND",
        "MOSAIC",
        "MAGNITUDE"
    ],
    "NonlinearGradientCorrection": false,
    "SeriesNumber": 8,
    "AcquisitionTime": "10:53:27.027500",
    "AcquisitionNumber": 1,
    "ImageComments": "Unaliased MB6/PE3/LB",
    "SliceThickness": 2,
    "SpacingBetweenSlices": 2,
    "SAR": 0.0530612,
    "TablePosition": [
        0,
        0,
        0
    ],
    "EchoTime": 0.037,
    "RepetitionTime": 1.008,
    "FlipAngle": 52,
    "PartialFourier": 1,
    "BaseResolution": 104,
    "ShimSetting": [
        170,
        -10442,
        -5653,
        532,
        -147,
        -176,
        -179,
        -5
    ],
    "TxRefAmp": 215.034,
    "PhaseResolution": 1,
    "ReceiveCoilName": "HeadNeck_64",
    "ReceiveCoilActiveElements": "HC1-7;NC1",
    "PulseSequenceDetails": "%CustomerSeq%\\cmrr_mbep2d_bold",
    "WipMemBlock": "fb4a0a2c-fd7c-4870-8aac-1321afea2b1a||Sequence: R016 ve11b/master r/d985c4e; Nov 27 2017 16:19:23 by eja",
    "CoilCombinationMethod": "Sum of Squares",
    "ConsistencyInfo": "N4_VE11B_LATEST_20150530",
    "MatrixCoilMode": "SENSE",
    "MultibandAccelerationFactor": 6,
    "PercentPhaseFOV": 100,
    "PercentSampling": 100,
    "EchoTrainLength": 104,
    "PhaseEncodingSteps": 104,
    "AcquisitionMatrixPE": 104,
    "ReconMatrixPE": 104,
    "BandwidthPerPixelPhaseEncode": 17.17,
    "EffectiveEchoSpacing": 0.000560011,
    "DerivedVendorReportedEchoSpacing": 0.000560011,
    "TotalReadoutTime": 0.0576811,
    "PixelBandwidth": 2290,
    "DwellTime": 2.1e-06,
    "PhaseEncodingDirection": "j",
    "SliceTiming": [
        0,
        0.41,
        0.8225,
        0.245,
        0.6575,
        0.0825,
        0.4925,
        0.905,
        0.3275,
        0.74,
        0.165,
        0.575,
        0,
        0.41,
        0.8225,
        0.245,
        0.6575,
        0.0825,
        0.4925,
        0.905,
        0.3275,
        0.74,
        0.165,
        0.575,
        0,
        0.41,
        0.8225,
        0.245,
        0.6575,
        0.0825,
        0.4925,
        0.905,
        0.3275,
        0.74,
        0.165,
        0.575,
        0,
        0.41,
        0.8225,
        0.245,
        0.6575,
        0.0825,
        0.4925,
        0.905,
        0.3275,
        0.74,
        0.165,
        0.575,
        0,
        0.41,
        0.8225,
        0.245,
        0.6575,
        0.0825,
        0.4925,
        0.905,
        0.3275,
        0.74,
        0.165,
        0.575,
        0,
        0.41,
        0.8225,
        0.245,
        0.6575,
        0.0825,
        0.4925,
        0.905,
        0.3275,
        0.74,
        0.165,
        0.575
    ],
    "ImageOrientationPatientDICOM": [
        0.997475,
        -0.00935262,
        0.070402,
        0.00609331,
        0.998906,
        0.0463689
    ],
    "ImageOrientationText": "Tra>Sag(4.1)>Cor(2.6)",
    "InPlanePhaseEncodingDirectionDICOM": "COL",
    "BidsGuess": [
        "func",
        "_acq-epfid2m6_dir-PA_run-8_bold"
    ],
    "ConversionSoftware": "dcm2niix",
    "ConversionSoftwareVersion": "v1.0.20241211",
    "TaskName": "tfMRI_Harm_PapFol_InvPE-On"
}