{
    "Modality": "PT",
    "Manufacturer": "Siemens",
    "ManufacturersModelName": "Biograph64_mCT 4R",
    "InstitutionName": "WEILL CORNELL IMAGING AT DHK",
    "InstitutionalDepartmentName": "Department",
    "InstitutionAddress": "City ZIP Street StreetNo",
    "DeviceSerialNumber": "60035",
    "StationName": "DWCPTCT724",
    "PatientPosition": "HFS",
    "SoftwareVersions": "VG80B",
    "StudyDescription": "PET-CT BRAIN",
    "SeriesDescription": "PET 4X300 DYN",
    "ProtocolName": "Br_18F_Florbetaben_Razlighi (Adult)",
    "ImageType": [
        "ORIGINAL",
        "PRIMARY"
    ],
    "SeriesNumber": 7.0,
    "AcquisitionTime": "14:34:53",
    "AcquisitionNumber": 2001.0,
    "ImageComments": " Frame 1 of 4^AC CT BRAIN, Volume Scaled",
    "Radiopharmaceutical": "Florbetaben",
    "RadionuclidePositronFraction": 0.9673,
    "InjectedRadioactivity": 319680000.0,
    "InjectedRadioactivityUnits": "MBq",
    "RadionuclideHalfLife": 6586.2,
    "DoseCalibrationFactor": 30119500.0,
    "ConvolutionKernel": "XYZ Gauss2.00",
    "Units": "BQML",
    "DecayCorrection": "START",
    "AttenuationCorrectionMethod": "measured,AC CT BRAIN",
    "ReconstructionMethod": "PSF+TOF 5i21s",
    "ReconMethodName": "Point-Spread Function modelling Time Of Flight",
    "ReconMethodParameterLabels": [
        "subsets",
        "iterations"
    ],
    "ReconMethodParameterValues": [
        21.0,
        5.0
    ],
    "ScatterFraction": [
        0.244163,
        0.244163,
        0.244163,
        0.244163
    ],
    "DecayFactor": 1.01576,
    "FrameDuration": [
        300.0,
        300.0,
        300.0,
        300.0
    ],
    "FrameReferenceTime": [
        148.605,
        448.605,
        748.605,
        1048.61
    ],
    "TimeZero": "13:02:00",
    "SliceThickness": 3.0,
    "ImageOrientationPatientDICOM": [
        1.0,
        0.0,
        0.0,
        0.0,
        1.0,
        0.0
    ],
    "BidsGuess": [
        "PET",
        "PET"
    ],
    "ConversionSoftware": "dcm2niix",
    "ConversionSoftwareVersion": "v1.0.20241211",
    "TracerName": "Florbetaben",
    "TracerRadionuclide": "^18^Fluorine",
    "InjectedMass": "n/a",
    "InjectedMassUnits": "n/a",
    "ModeOfAdministration": "bolus",
    "SpecificRadioactivity": "n/a",
    "SpecificRadioactivityUnits": "n/a",
    "ScanStart": 5573.0,
    "InjectionStart": 0.0,
    "FrameTimesStart": [
        5573.0,
        5873.0,
        6173.0,
        6473.0
    ],
    "AcquisitionMode": "list mode",
    "ImageDecayCorrected": true,
    "ImageDecayCorrectionTime": 5573.0,
    "ReconMethodParameterUnits": [
        "none",
        "none"
    ],
    "ReconFilterType": "XYZ Gauss2.00",
    "ReconFilterSize": 2.0,
    "AttenuationCorrection": "measured,AC CT BRAIN"
}