{
    "Modality": "MR",
    "MagneticFieldStrength": 3,
    "ImagingFrequency": 123.260849,
    "Manufacturer": "Siemens",
    "ManufacturersModelName": "Prisma_fit",
    "InstitutionName": "CBIC",
    "InstitutionalDepartmentName": "Department",
    "InstitutionAddress": "E 72nd Street 516,NYC ,NYC,US,10021",
    "DeviceSerialNumber": "67080",
    "StationName": "MRTRIO3TX72",
    "BodyPart": "BRAIN",
    "PatientPosition": "HFS",
    "ProcedureStepDescription": "MR BRAIN WITHOUT IV CONTRAST",
    "SoftwareVersions": "syngo MR E11",
    "MRAcquisitionType": "2D",
    "StudyDescription": "CORNELL^SHAH",
    "SeriesDescription": "DWI_Harm_98Dir_InvPE-On",
    "ProtocolName": "DWI_Harm_98Dir_InvPE-On",
    "ScanningSequence": "EP",
    "SequenceVariant": "SK\\SS",
    "ScanOptions": "PFP",
    "SequenceName": "ep_b5#1",
    "ImageType": [
        "ORIGINAL",
        "PRIMARY",
        "DIFFUSION",
        "NONE",
        "MB",
        "ND",
        "MOSAIC"
    ],
    "NonlinearGradientCorrection": false,
    "SeriesNumber": 25,
    "AcquisitionTime": "13:45:30.667500",
    "AcquisitionNumber": 1,
    "ImageComments": "Unaliased MB4/PE3/LB SENSE1",
    "SliceThickness": 1.5,
    "SpacingBetweenSlices": 1.5,
    "SAR": 0.132926,
    "TablePosition": [
        0,
        0,
        0
    ],
    "EchoTime": 0.0892,
    "RepetitionTime": 3.23,
    "FlipAngle": 78,
    "PartialFourier": 0.75,
    "BaseResolution": 140,
    "ShimSetting": [
        160,
        -10416,
        -5557,
        496,
        -150,
        -114,
        -45,
        -45
    ],
    "DiffusionScheme": "Monopolar",
    "TxRefAmp": 234.722,
    "PhaseResolution": 1,
    "ReceiveCoilName": "HeadNeck_64",
    "ReceiveCoilActiveElements": "HC1-7;NC1,2",
    "PulseSequenceDetails": "%CustomerSeq%\\cmrr_mbep2d_diff",
    "WipMemBlock": "ade92a69-35d7-4601-bb62-a1249be69605||Sequence: R016 ve11b/master r/d985c4e; Nov 27 2017 16:26:52 by eja",
    "CoilCombinationMethod": "Sum of Squares",
    "ConsistencyInfo": "N4_VE11B_LATEST_20150530",
    "MatrixCoilMode": "SENSE",
    "MultibandAccelerationFactor": 4,
    "PercentPhaseFOV": 100,
    "PercentSampling": 100,
    "EchoTrainLength": 105,
    "PhaseEncodingSteps": 105,
    "AcquisitionMatrixPE": 140,
    "ReconMatrixPE": 140,
    "BandwidthPerPixelPhaseEncode": 10.352,
    "EffectiveEchoSpacing": 0.000689998,
    "DerivedVendorReportedEchoSpacing": 0.000689998,
    "TotalReadoutTime": 0.0959097,
    "PixelBandwidth": 1700,
    "DwellTime": 2.1e-06,
    "PhaseEncodingDirection": "j",
    "SliceTiming": [
        0,
        1.6725,
        0.1375,
        1.8125,
        0.2775,
        1.9525,
        0.4175,
        2.0925,
        0.5575,
        2.2325,
        0.6975,
        2.3725,
        0.835,
        2.51,
        0.975,
        2.65,
        1.115,
        2.79,
        1.255,
        2.93,
        1.395,
        3.07,
        1.535,
        0,
        1.6725,
        0.1375,
        1.8125,
        0.2775,
        1.9525,
        0.4175,
        2.0925,
        0.5575,
        2.2325,
        0.6975,
        2.3725,
        0.835,
        2.51,
        0.975,
        2.65,
        1.115,
        2.79,
        1.255,
        2.93,
        1.395,
        3.07,
        1.535,
        0,
        1.6725,
        0.1375,
        1.8125,
        0.2775,
        1.9525,
        0.4175,
        2.0925,
        0.5575,
        2.2325,
        0.6975,
        2.3725,
        0.835,
        2.51,
        0.975,
        2.65,
        1.115,
        2.79,
        1.255,
        2.93,
        1.395,
        3.07,
        1.535,
        0,
        1.6725,
        0.1375,
        1.8125,
        0.2775,
        1.9525,
        0.4175,
        2.0925,
        0.5575,
        2.2325,
        0.6975,
        2.3725,
        0.835,
        2.51,
        0.975,
        2.65,
        1.115,
        2.79,
        1.255,
        2.93,
        1.395,
        3.07,
        1.535
    ],
    "ImageOrientationPatientDICOM": [
        0.998069,
        0.0599886,
        -0.0161353,
        -0.0620936,
        0.971068,
        -0.230587
    ],
    "ImageOrientationText": "Tra>Cor(-13.4)>Sag(-0.1)",
    "InPlanePhaseEncodingDirectionDICOM": "COL",
    "BidsGuess": [
        "dwi",
        "_acq-epb5m4_dir-PA_run-25_dwi"
    ],
    "ConversionSoftware": "dcm2niix",
    "ConversionSoftwareVersion": "v1.0.20241211"
}