{
    "Modality": "PT",
    "Manufacturer": "Siemens",
    "ManufacturersModelName": "Biograph64_mCT",
    "InstitutionName": "CBIC",
    "InstitutionalDepartmentName": "RESEARCH AND SPONSORS",
    "InstitutionAddress": "NYC 10021 E 72ND ST 516",
    "DeviceSerialNumber": "91013",
    "StationName": "MCT1XCBIC",
    "PatientPosition": "HFS",
    "SoftwareVersions": "VG62B",
    "StudyDescription": "PET^Br_18F_MK6240_30min_DeLeon (Adult)",
    "SeriesDescription": "PET 6X5 MIN",
    "ProtocolName": "PET 6X5 MIN",
    "ImageType": [
        "ORIGINAL",
        "PRIMARY"
    ],
    "SeriesNumber": 6.0,
    "AcquisitionTime": "11:16:04",
    "AcquisitionNumber": 2001.0,
    "ImageComments": " Frame 1 of 6^AC CT Brain, Volume Scaled",
    "Radiopharmaceutical": "MK6240",
    "RadionuclidePositronFraction": 0.9673,
    "InjectedRadioactivity": 210900000.0,
    "InjectedRadioactivityUnits": "MBq",
    "RadionuclideHalfLife": 6586.2,
    "DoseCalibrationFactor": 30977100.0,
    "ConvolutionKernel": "XYZ Gauss4.00",
    "Units": "BQML",
    "DecayCorrection": "START",
    "AttenuationCorrectionMethod": "measured,AC CT Brain",
    "ReconstructionMethod": "OSEM3D+TOF 4i21s",
    "ReconMethodName": "Ordered Subset Expectation Maximization Time Of Flight",
    "ReconMethodParameterLabels": [
        "subsets",
        "iterations"
    ],
    "ReconMethodParameterValues": [
        21.0,
        4.0
    ],
    "ScatterFraction": [
        0.237404,
        0.237404,
        0.237404,
        0.237404,
        0.237404,
        0.237404
    ],
    "DecayFactor": 1.01587,
    "FrameDuration": [
        300.0,
        300.0,
        300.0,
        300.0,
        300.0,
        300.0
    ],
    "FrameReferenceTime": [
        149.605,
        449.605,
        749.605,
        1049.61,
        1349.61,
        1649.61
    ],
    "TimeZero": "09:46:00",
    "SliceThickness": 2.027,
    "ImageOrientationPatientDICOM": [
        1.0,
        0.0,
        0.0,
        0.0,
        1.0,
        0.0
    ],
    "BidsGuess": [
        "PET",
        "PET"
    ],
    "ConversionSoftware": "dcm2niix",
    "ConversionSoftwareVersion": "v1.0.20241211",
    "TracerName": "MK6240",
    "TracerRadionuclide": "^18^Fluorine",
    "InjectedMass": "n/a",
    "InjectedMassUnits": "n/a",
    "ModeOfAdministration": "bolus",
    "SpecificRadioactivity": "n/a",
    "SpecificRadioactivityUnits": "n/a",
    "ScanStart": 5404.0,
    "InjectionStart": 0.0,
    "FrameTimesStart": [
        5404.0,
        5704.0,
        6004.0,
        6304.0,
        6604.0,
        6904.0
    ],
    "AcquisitionMode": "list mode",
    "ImageDecayCorrected": true,
    "ImageDecayCorrectionTime": 5404.0,
    "ReconMethodParameterUnits": [
        "none",
        "none"
    ],
    "ReconFilterType": "XYZ Gauss4.00",
    "ReconFilterSize": 4.0,
    "AttenuationCorrection": "measured,AC CT Brain"
}