{
    "Modality": "MR",
    "MagneticFieldStrength": 3,
    "ImagingFrequency": 123.25273,
    "Manufacturer": "Siemens",
    "ManufacturersModelName": "Prisma_fit",
    "InstitutionName": "72ND RAD",
    "InstitutionalDepartmentName": "Department",
    "InstitutionAddress": "E 72nd Street 516,NYC ,NYC,US,10021",
    "DeviceSerialNumber": "67080",
    "StationName": "MRTRIO3TX72",
    "BodyPart": "BRAIN",
    "PatientPosition": "HFS",
    "ProcedureStepDescription": "MR BRAIN WITHOUT IV CONTRAST",
    "SoftwareVersions": "syngo MR E11",
    "MRAcquisitionType": "3D",
    "StudyDescription": "CORNELL^LISTON",
    "SeriesDescription": "FLAIR_Harm_Interpolated_Inplane",
    "ProtocolName": "FLAIR_Harm_Interpolated_Inplane",
    "ScanningSequence": "SE\\IR",
    "SequenceVariant": "SK\\SP\\MP\\OSP",
    "ScanOptions": "IR\\PFP\\FS",
    "SequenceName": "*spcir_278ns",
    "ImageType": [
        "ORIGINAL",
        "PRIMARY",
        "M",
        "NORM",
        "DIS2D",
        "MAGNITUDE"
    ],
    "NonlinearGradientCorrection": true,
    "SeriesNumber": 19,
    "AcquisitionTime": "17:46:43.545000",
    "AcquisitionNumber": 1,
    "SliceThickness": 1,
    "SAR": 0.059867,
    "TablePosition": [
        0,
        0,
        0
    ],
    "EchoTime": 0.384,
    "RepetitionTime": 7.6,
    "SpoilingState": true,
    "InversionTime": 2.4,
    "FlipAngle": 120,
    "VariableFlipAngleFlag": true,
    "PartialFourier": 1,
    "Interpolation2D": 1,
    "BaseResolution": 256,
    "ShimSetting": [
        195,
        -10432,
        -5662,
        289,
        -76,
        -437,
        25,
        5
    ],
    "TxRefAmp": 217.033,
    "PhaseResolution": 0.9,
    "ReceiveCoilName": "HeadNeck_64",
    "ReceiveCoilActiveElements": "HC1-7;NC1",
    "PulseSequenceDetails": "%SiemensSeq%\\tse_vfl",
    "RefLinesPE": 24,
    "CoilCombinationMethod": "Adaptive Combine",
    "ConsistencyInfo": "N4_VE11B_LATEST_20150530",
    "MatrixCoilMode": "GRAPPA",
    "PercentPhaseFOV": 100,
    "PercentSampling": 90,
    "EchoTrainLength": 250,
    "PhaseEncodingSteps": 205,
    "AcquisitionMatrixPE": 230,
    "ReconMatrixPE": 512,
    "ParallelReductionFactorInPlane": 2,
    "PixelBandwidth": 750,
    "DwellTime": 2.6e-06,
    "ImageOrientationPatientDICOM": [
        -0.0683537,
        0.989669,
        0.126026,
        -0.00716733,
        0.125831,
        -0.992026
    ],
    "ImageOrientationText": "Sag>Cor(-3.9)>Tra(-0.1)",
    "InPlanePhaseEncodingDirectionDICOM": "ROW",
    "BidsGuess": [
        "anat",
        "_acq-spcir2p2_run-19_FLAIR"
    ],
    "ConversionSoftware": "dcm2niix",
    "ConversionSoftwareVersion": "v1.0.20241211",
    "Defaced": true
}